GIT
  remote: https://github.com/davkal/jekyll-less
  revision: 8bddb085e6c4db9b10d9582df72f99800dd6fef8
  ref: 8bddb085e6c4db9b10d9582df72f99800dd6fef8
  specs:
    jekyll-less (0.1.0)
      jekyll (>= 0.10.0)
      less (>= 2.0.5)

GEM
  remote: https://rubygems.org/
  specs:
    colorator (1.1.0)
    commonjs (0.2.7)
    ffi (1.9.10)
    jekyll (3.1.6)
      colorator
      jekyll-sass-converter (~> 1.0)
      jekyll-watch (~> 1.1)
      kramdown (~> 1.3)
      liquid (~> 3.0)
      mercenary (~> 0.3.3)
      rouge (~> 2.0)
      safe_yaml (~> 1.0)
    jekyll-sass-converter (1.5.2)
      sass (~> 3.4)
    jekyll-watch (1.3.0)
      listen (~> 3.0)
    kramdown (1.15.0)
    less (2.6.0)
      commonjs (~> 0.2.7)
    libv8 (3.16.14.19)
    liquid (3.0.6)
    listen (3.1.5)
      rb-inotify (~> 0.9, >= 0.9.7)
    mercenary (0.3.6)
    rb-inotify (0.9.7)
      ffi (>= 0.5.0)
    ref (2.0.0)
    rouge (2.2.1)
    safe_yaml (1.0.4)
    sass (3.4.23)
    therubyracer (0.12.3)
      libv8 (~> 3.16.14.15)
      ref

PLATFORMS
  ruby

DEPENDENCIES
  jekyll
  jekyll-less!
  therubyracer

BUNDLED WITH
   1.17.3
